GEM
  remote: https://rubygems.org/
  remote: http://gems.www.lib.umich.edu/
  specs:
    backports (3.15.0)
    coderay (1.1.2)
    dotenv (2.7.5)
    httpclient (2.8.3)
    json (2.2.0)
    library_stdnums (1.6.0)
    marc (1.0.4)
      scrub_rb (>= 1.0.1, < 2)
      unf
    method_source (0.9.2)
    mini_portile2 (2.4.0)
    mirlyn_id_api (1.0.0)
      httpclient
      library_stdnums
      marc
      nokogiri
    multi_json (1.13.1)
    mustermann (1.0.3)
    nio4r (2.4.0)
    nokogiri (1.10.3)
      mini_portile2 (~> 2.4.0)
    pry (0.12.2)
      coderay (~> 1.1.0)
      method_source (~> 0.9.0)
    puma (4.1.0)
      nio4r (~> 2.0)
    rack (2.0.7)
    rack-protection (2.0.5)
      rack
    scrub_rb (1.0.1)
    sinatra (2.0.5)
      mustermann (~> 1.0)
      rack (~> 2.0)
      rack-protection (= 2.0.5)
      tilt (~> 2.0)
    sinatra-contrib (2.0.5)
      backports (>= 2.8.2)
      multi_json
      mustermann (~> 1.0)
      rack-protection (= 2.0.5)
      sinatra (= 2.0.5)
      tilt (>= 1.3, < 3)
    sinatra-jsonp (0.5.0)
      multi_json (~> 1.8)
      sinatra (>= 1.0)
    tilt (2.0.9)
    unf (0.1.4)
      unf_ext
    unf_ext (0.0.7.6)

PLATFORMS
  ruby

DEPENDENCIES
  dotenv
  json
  library_stdnums
  mirlyn_id_api (~> 1.0)
  pry
  puma
  sinatra
  sinatra-contrib
  sinatra-jsonp

BUNDLED WITH
   2.0.2
